PATH
  remote: .
  specs:
    bruno (0.0.3)
      gli (= 2.5.4)
      nokogiri (= 1.8.4)

GEM
  remote: https://rubygems.org/
  specs:
    diff-lcs (1.2.5)
    gli (2.5.4)
    mini_portile2 (2.3.0)
    nokogiri (1.8.4)
      mini_portile2 (~> 2.3.0)
    rake (10.3.2)
    rspec (3.0.0)
      rspec-core (~> 3.0.0)
      rspec-expectations (~> 3.0.0)
      rspec-mocks (~> 3.0.0)
    rspec-core (3.0.2)
      rspec-support (~> 3.0.0)
    rspec-expectations (3.0.2)
      diff-lcs (>= 1.2.0, < 2.0)
      rspec-support (~> 3.0.0)
    rspec-mocks (3.0.2)
      rspec-support (~> 3.0.0)
    rspec-support (3.0.2)

PLATFORMS
  ruby

DEPENDENCIES
  bruno!
  rake (~> 10.3, >= 10.3.2)
  rspec (~> 3.0, >= 3.0.0)

BUNDLED WITH
   1.16.4
